GEM
  remote: https://rubygems.org/
  specs:
    beauty (0.0.3)
    coderay (1.1.3)
    httparty (0.21.0)
      mini_mime (>= 1.0.0)
      multi_xml (>= 0.5.2)
    method_source (1.0.0)
    mini_mime (1.1.2)
    multi_xml (0.6.0)
    pry (0.13.1)
      coderay (~> 1.1)
      method_source (~> 1.0)

PLATFORMS
  ruby

DEPENDENCIES
  beauty
  httparty (~> 0.21.0)
  pry

BUNDLED WITH
   2.0.1
